GEM
  remote: https://rubygems.org/
  specs:
    youtube_search (0.1.7)

PLATFORMS
  ruby

DEPENDENCIES
  youtube_search
